GEM
  remote: https://rubygems.org/
  specs:
    activemodel (3.2.22.2)
      activesupport (= 3.2.22.2)
      builder (~> 3.0.0)
    activerecord (3.2.22.2)
      activemodel (= 3.2.22.2)
      activesupport (= 3.2.22.2)
      arel (~> 3.0.2)
      tzinfo (~> 0.3.29)
    activesupport (3.2.22.2)
      i18n (~> 0.6, >= 0.6.4)
      multi_json (~> 1.0)
    arel (3.0.3)
    builder (3.0.4)
    i18n (0.7.0)
    multi_json (1.12.1)
    parameterize (0.3.0)
      activerecord (~> 3.0)
      activesupport (~> 3.0)
    tzinfo (0.3.51)

PLATFORMS
  ruby

DEPENDENCIES
  parameterize

BUNDLED WITH
   1.12.5
